GEM
  remote: https://rubygems.org/
  specs:
    addressable (2.3.8)
    aws-sdk (2.0.30)
      aws-sdk-resources (= 2.0.30)
    aws-sdk-core (2.0.30)
      builder (~> 3.0)
      jmespath (~> 1.0)
      multi_json (~> 1.0)
      multi_xml (~> 0.5)
    aws-sdk-resources (2.0.30)
      aws-sdk-core (= 2.0.30)
    buff-config (1.0.1)
      buff-extensions (~> 1.0)
      varia_model (~> 0.4)
    buff-extensions (1.0.0)
    buff-ignore (1.1.1)
    buff-ruby_engine (0.1.0)
    buff-shell_out (0.2.0)
      buff-ruby_engine (~> 0.1.0)
    builder (3.2.2)
    celluloid (0.16.0)
      timers (~> 4.0.0)
    celluloid-io (0.16.2)
      celluloid (>= 0.16.0)
      nio4r (>= 1.1.0)
    coderay (1.1.0)
    erubis (2.7.0)
    faraday (0.9.1)
      multipart-post (>= 1.2, < 3)
    hashie (2.1.2)
    hitimes (1.2.2)
    jmespath (1.0.2)
      multi_json (~> 1.0)
    json (1.8.2)
    method_source (0.8.2)
    mixlib-authentication (1.3.0)
      mixlib-log
    mixlib-log (1.6.0)
    multi_json (1.11.0)
    multi_xml (0.5.5)
    multipart-post (2.0.0)
    net-http-persistent (2.9.4)
    netaddr (1.5.0)
    nio4r (1.1.0)
    pry (0.10.1)
      coderay (~> 1.1.0)
      method_source (~> 0.8.1)
      slop (~> 3.4)
    pry-nav (0.2.4)
      pry (>= 0.9.10, < 0.11.0)
    retryable (2.0.1)
    ridley (4.1.2)
      addressable
      buff-config (~> 1.0)
      buff-extensions (~> 1.0)
      buff-ignore (~> 1.1)
      buff-shell_out (~> 0.1)
      celluloid (~> 0.16.0)
      celluloid-io (~> 0.16.1)
      erubis
      faraday (~> 0.9.0)
      hashie (>= 2.0.2, < 3.0.0)
      json (>= 1.7.7)
      mixlib-authentication (>= 1.3.0)
      net-http-persistent (>= 2.8)
      retryable (>= 2.0.0)
      semverse (~> 1.1)
      varia_model (~> 0.4)
    semverse (1.2.1)
    slop (3.6.0)
    timers (4.0.1)
      hitimes
    varia_model (0.4.0)
      buff-extensions (~> 1.0)
      hashie (>= 2.0.2, < 3.0.0)

PLATFORMS
  ruby

DEPENDENCIES
  aws-sdk (~> 2.0.30)
  aws-sdk-core (~> 2.0.30)
  json (= 1.8.2)
  netaddr (= 1.5.0)
  pry (= 0.10.1)
  pry-nav (= 0.2.4)
  ridley (= 4.1.2)
